PATH
  remote: /Users/sangenya/dev/rakyll
  specs:
    rakyll (0.1.1)
      listen (~> 3.0)
      redcarpet (~> 3.4)
      rmagick (~> 2.12)
      yaml-front-matter (~> 0.0.1)

GEM
  remote: https://rubygems.org/
  specs:
    ffi (1.9.18)
    filewatcher (1.0.1)
      trollop (~> 2.1, >= 2.1.2)
    listen (3.1.5)
      rb-fsevent (~> 0.9, >= 0.9.4)
      rb-inotify (~> 0.9, >= 0.9.7)
      ruby_dep (~> 1.2)
    rb-fsevent (0.10.2)
    rb-inotify (0.9.10)
      ffi (>= 0.5.0, < 2)
    redcarpet (3.4.0)
    rmagick (2.16.0)
    ruby_dep (1.5.0)
    trollop (2.1.2)
    yaml-front-matter (0.0.1)

PLATFORMS
  ruby

DEPENDENCIES
  filewatcher
  rakyll!

BUNDLED WITH
   1.16.0.pre.3
