GEM
  remote: https://rubygems.org/
  specs:
    filewatcher (1.0.1)
      trollop (~> 2.1, >= 2.1.2)
    rakyll (0.1.1)
      redcarpet (~> 3.4)
      yaml-front-matter (~> 0.0.1)
    redcarpet (3.4.0)
    trollop (2.1.2)
    yaml-front-matter (0.0.1)

PLATFORMS
  ruby

DEPENDENCIES
  filewatcher
  rakyll

BUNDLED WITH
   1.16.0.pre.3
